GEM
  remote: https://rubygems.org/
  specs:
    commonjs (0.2.6)
    daemons (1.1.9)
    eventmachine (1.0.3)
    less (2.3.2)
      commonjs (~> 0.2.6)
    libv8 (3.11.8.17)
    mime-types (1.23)
    rack (1.5.2)
    rack-protection (1.5.0)
      rack
    ref (1.0.4)
    rest-client (1.6.7)
      mime-types (>= 1.16)
    sinatra (1.4.2)
      rack (~> 1.5, >= 1.5.2)
      rack-protection (~> 1.4)
      tilt (~> 1.3, >= 1.3.4)
    therubyracer (0.11.4)
      libv8 (~> 3.11.8.12)
      ref
    thin (1.5.1)
      daemons (>= 1.0.9)
      eventmachine (>= 0.12.6)
      rack (>= 1.0.0)
    tilt (1.4.0)

PLATFORMS
  ruby

DEPENDENCIES
  less (~> 2.3.2)
  rest-client (~> 1.6.7)
  sinatra (~> 1.4.2)
  therubyracer (~> 0.11.4)
  thin (~> 1.5.1)
